GEM
  remote: https://rubygems.org/
  specs:
    pdf-core (0.7.0)
    prawn (2.2.2)
      pdf-core (~> 0.7.0)
      ttfunk (~> 1.5)
    prawn-table (0.2.2)
      prawn (>= 1.3.0, < 3.0.0)
    ttfunk (1.6.1)

PLATFORMS
  ruby

DEPENDENCIES
  prawn (~> 2.2.2)
  prawn-table (~> 0.2.2)

RUBY VERSION
   ruby 2.6.3p62

BUNDLED WITH
   1.17.3
